GIT
  remote: https://github.com/boston-library/curator.git
  revision: 68bddea6e1f0dbc9c2ee986b0672d340b44ad70e
  specs:
    curator (0.2.0)
      aasm (~> 5.3)
      activerecord-postgres_enum (~> 1.7, < 2.0)
      acts_as_list (~> 1.1)
      addressable (>= 2.8.1)
      after_commit_everywhere (~> 1.3)
      alba (~> 2.2)
      attr_json (~> 2)
      concurrent-ruby-ext (~> 1.1)
      connection_pool (~> 2.3)
      down (~> 5.4)
      htmlentities (~> 4.3)
      http (~> 5.1)
      mime-types (~> 3.4)
      nokogiri (>= 1.13.8)
      oj (~> 3.14)
      ox (~> 2.14)
      paper_trail (~> 12.3)
      paper_trail-association_tracking (~> 2.2)
      rails (~> 6.1.7, < 7)
      rsolr (~> 2.5)
      traject (~> 3.8)

GEM
  remote: https://rubygems.org/
  specs:
    aasm (5.5.0)
      concurrent-ruby (~> 1.0)
    actioncable (6.1.7.6)
      actionpack (= 6.1.7.6)
      activesupport (= 6.1.7.6)
      nio4r (~> 2.0)
      websocket-driver (>= 0.6.1)
    actionmailbox (6.1.7.6)
      actionpack (= 6.1.7.6)
      activejob (= 6.1.7.6)
      activerecord (= 6.1.7.6)
      activestorage (= 6.1.7.6)
      activesupport (= 6.1.7.6)
      mail (>= 2.7.1)
    actionmailer (6.1.7.6)
      actionpack (= 6.1.7.6)
      actionview (= 6.1.7.6)
      activejob (= 6.1.7.6)
      activesupport (= 6.1.7.6)
      mail (~> 2.5, >= 2.5.4)
      rails-dom-testing (~> 2.0)
    actionpack (6.1.7.6)
      actionview (= 6.1.7.6)
      activesupport (= 6.1.7.6)
      rack (~> 2.0, >= 2.0.9)
      rack-test (>= 0.6.3)
      rails-dom-testing (~> 2.0)
      rails-html-sanitizer (~> 1.0, >= 1.2.0)
    actiontext (6.1.7.6)
      actionpack (= 6.1.7.6)
      activerecord (= 6.1.7.6)
      activestorage (= 6.1.7.6)
      activesupport (= 6.1.7.6)
      nokogiri (>= 1.8.5)
    actionview (6.1.7.6)
      activesupport (= 6.1.7.6)
      builder (~> 3.1)
      erubi (~> 1.4)
      rails-dom-testing (~> 2.0)
      rails-html-sanitizer (~> 1.1, >= 1.2.0)
    activejob (6.1.7.6)
      activesupport (= 6.1.7.6)
      globalid (>= 0.3.6)
    activemodel (6.1.7.6)
      activesupport (= 6.1.7.6)
    activerecord (6.1.7.6)
      activemodel (= 6.1.7.6)
      activesupport (= 6.1.7.6)
    activerecord-postgres_enum (1.7.0)
      activerecord (>= 5)
      pg
    activestorage (6.1.7.6)
      actionpack (= 6.1.7.6)
      activejob (= 6.1.7.6)
      activerecord (= 6.1.7.6)
      activesupport (= 6.1.7.6)
      marcel (~> 1.0)
      mini_mime (>= 1.1.0)
    activesupport (6.1.7.6)
      concurrent-ruby (~> 1.0, >= 1.0.2)
      i18n (>= 1.6, < 2)
      minitest (>= 5.1)
      tzinfo (~> 2.0)
      zeitwerk (~> 2.3)
    acts_as_list (1.1.0)
      activerecord (>= 4.2)
    addressable (2.8.1)
      public_suffix (>= 2.0.2, < 6.0)
    after_commit_everywhere (1.3.1)
      activerecord (>= 4.2)
      activesupport
    airbrussh (1.5.0)
      sshkit (>= 1.6.1, != 1.7.0)
    alba (2.2.0)
    attr_json (2.2.0)
      activerecord (>= 6.0.0, < 7.2)
    awesome_print (1.9.2)
    azure-storage-blob (2.0.3)
      azure-storage-common (~> 2.0)
      nokogiri (~> 1, >= 1.10.8)
    azure-storage-common (2.0.4)
      faraday (~> 1.0)
      faraday_middleware (~> 1.0, >= 1.0.0.rc1)
      net-http-persistent (~> 4.0)
      nokogiri (~> 1, >= 1.10.8)
    bootsnap (1.15.0)
      msgpack (~> 1.2)
    builder (3.2.4)
    byebug (11.1.3)
    capistrano (3.17.3)
      airbrussh (>= 1.0.0)
      i18n
      rake (>= 10.0.0)
      sshkit (>= 1.9.0)
    capistrano-bundler (2.1.0)
      capistrano (~> 3.1)
    capistrano-rails (1.6.3)
      capistrano (~> 3.1)
      capistrano-bundler (>= 1.1, < 3)
    capistrano-rvm (0.1.2)
      capistrano (~> 3.0)
      sshkit (~> 1.2)
    capistrano3-puma (1.2.1)
      capistrano (~> 3.0)
      puma (>= 2.6)
    coderay (1.1.3)
    concurrent-ruby (1.1.10)
    concurrent-ruby-ext (1.1.10)
      concurrent-ruby (= 1.1.10)
    connection_pool (2.4.1)
    crass (1.0.6)
    date (3.3.3)
    domain_name (0.5.20190701)
      unf (>= 0.0.5, < 1.0.0)
    dot-properties (0.1.4)
      bundler (>= 2.2.33)
    dotenv (2.8.1)
    dotenv-rails (2.8.1)
      dotenv (= 2.8.1)
      railties (>= 3.2)
    down (5.4.1)
      addressable (~> 2.8)
    erubi (1.12.0)
    factory_bot (6.2.1)
      activesupport (>= 5.0.0)
    factory_bot_rails (6.2.0)
      factory_bot (~> 6.2.0)
      railties (>= 5.0.0)
    faraday (1.10.3)
      faraday-em_http (~> 1.0)
      faraday-em_synchrony (~> 1.0)
      faraday-excon (~> 1.1)
      faraday-httpclient (~> 1.0)
      faraday-multipart (~> 1.0)
      faraday-net_http (~> 1.0)
      faraday-net_http_persistent (~> 1.0)
      faraday-patron (~> 1.0)
      faraday-rack (~> 1.0)
      faraday-retry (~> 1.0)
      ruby2_keywords (>= 0.0.4)
    faraday-em_http (1.0.0)
    faraday-em_synchrony (1.0.0)
    faraday-excon (1.1.0)
    faraday-httpclient (1.0.1)
    faraday-multipart (1.0.4)
      multipart-post (~> 2)
    faraday-net_http (1.0.1)
    faraday-net_http_persistent (1.2.0)
    faraday-patron (1.0.0)
    faraday-rack (1.0.0)
    faraday-retry (1.0.3)
    faraday_middleware (1.2.0)
      faraday (~> 1.0)
    ffi (1.15.5)
    ffi-compiler (1.0.1)
      ffi (>= 1.0.0)
      rake
    globalid (1.1.0)
      activesupport (>= 5.0)
    hashie (5.0.0)
    htmlentities (4.3.4)
    http (5.1.0)
      addressable (~> 2.8)
      http-cookie (~> 1.0)
      http-form_data (~> 2.2)
      llhttp-ffi (~> 0.4.0)
    http-cookie (1.0.5)
      domain_name (~> 0.5)
    http-form_data (2.3.0)
    httpclient (2.8.3)
    i18n (1.14.1)
      concurrent-ruby (~> 1.0)
    image_processing (1.12.2)
      mini_magick (>= 4.9.5, < 5)
      ruby-vips (>= 2.0.17, < 3)
    listen (3.7.1)
      rb-fsevent (~> 0.10, >= 0.10.3)
      rb-inotify (~> 0.9, >= 0.9.10)
    llhttp-ffi (0.4.0)
      ffi-compiler (~> 1.0)
      rake (~> 13.0)
    loofah (2.21.3)
      crass (~> 1.0.2)
      nokogiri (>= 1.12.0)
    mail (2.8.1)
      mini_mime (>= 0.1.1)
      net-imap
      net-pop
      net-smtp
    marc (1.2.0)
      rexml
      scrub_rb (>= 1.0.1, < 2)
      unf
    marc-fastxmlwriter (1.1.0)
      marc (~> 1.0)
    marcel (1.0.2)
    method_source (1.0.0)
    mime-types (3.5.1)
      mime-types-data (~> 3.2015)
    mime-types-data (3.2023.1003)
    mini_magick (4.11.0)
    mini_mime (1.1.5)
    mini_portile2 (2.8.4)
    minitar (0.9)
    minitest (5.19.0)
    msgpack (1.6.0)
    multipart-post (2.2.3)
    net-http-persistent (4.0.2)
      connection_pool (~> 2.2)
    net-imap (0.3.7)
      date
      net-protocol
    net-pop (0.1.2)
      net-protocol
    net-protocol (0.2.1)
      timeout
    net-scp (4.0.0)
      net-ssh (>= 2.6.5, < 8.0.0)
    net-smtp (0.3.3)
      net-protocol
    net-ssh (7.2.0)
    nio4r (2.5.9)
    nokogiri (1.15.4)
      mini_portile2 (~> 2.8.2)
      racc (~> 1.4)
    oj (3.15.0)
    ox (2.14.17)
    paper_trail (12.3.0)
      activerecord (>= 5.2)
      request_store (~> 1.1)
    paper_trail-association_tracking (2.2.1)
      paper_trail (>= 12.0)
    pg (1.5.3)
    pry (0.13.1)
      coderay (~> 1.1)
      method_source (~> 1.0)
    pry-rails (0.3.9)
      pry (>= 0.10.4)
    public_suffix (5.0.0)
    puma (6.3.1)
      nio4r (~> 2.0)
    racc (1.7.1)
    rack (2.2.8)
    rack-cors (1.1.1)
      rack (>= 2.0.0)
    rack-test (2.1.0)
      rack (>= 1.3)
    rails (6.1.7.6)
      actioncable (= 6.1.7.6)
      actionmailbox (= 6.1.7.6)
      actionmailer (= 6.1.7.6)
      actionpack (= 6.1.7.6)
      actiontext (= 6.1.7.6)
      actionview (= 6.1.7.6)
      activejob (= 6.1.7.6)
      activemodel (= 6.1.7.6)
      activerecord (= 6.1.7.6)
      activestorage (= 6.1.7.6)
      activesupport (= 6.1.7.6)
      bundler (>= 1.15.0)
      railties (= 6.1.7.6)
      sprockets-rails (>= 2.0.0)
    rails-dom-testing (2.2.0)
      activesupport (>= 5.0.0)
      minitest
      nokogiri (>= 1.6)
    rails-html-sanitizer (1.6.0)
      loofah (~> 2.21)
      nokogiri (~> 1.14)
    railties (6.1.7.6)
      actionpack (= 6.1.7.6)
      activesupport (= 6.1.7.6)
      method_source
      rake (>= 12.2)
      thor (~> 1.0)
    rake (13.0.6)
    rb-fsevent (0.11.2)
    rb-inotify (0.10.1)
      ffi (~> 1.0)
    redis (4.8.1)
    redis-client (0.17.0)
      connection_pool
    request_store (1.5.1)
      rack (>= 1.4)
    retriable (3.1.2)
    rexml (3.2.6)
    rsolr (2.5.0)
      builder (>= 2.1.2)
      faraday (>= 0.9, < 3, != 2.0.0)
    ruby-progressbar (1.11.0)
    ruby-vips (2.1.4)
      ffi (~> 1.12)
    ruby2_keywords (0.0.5)
    scrub_rb (1.0.1)
    sd_notify (0.1.1)
    sidekiq (7.1.3)
      concurrent-ruby (< 2)
      connection_pool (>= 2.3.0)
      rack (>= 2.2.4)
      redis-client (>= 0.14.0)
    slop (4.10.1)
    solr_wrapper (4.0.2)
      http
      minitar
      retriable
      ruby-progressbar
    spring (2.1.1)
    sprockets (4.2.0)
      concurrent-ruby (~> 1.0)
      rack (>= 2.2.4, < 4)
    sprockets-rails (3.4.2)
      actionpack (>= 5.2)
      activesupport (>= 5.2)
      sprockets (>= 3.0.0)
    sshkit (1.21.5)
      net-scp (>= 1.1.2)
      net-ssh (>= 2.8.0)
    thor (1.2.2)
    timeout (0.4.0)
    traject (3.8.1)
      concurrent-ruby (>= 0.8.0)
      dot-properties (>= 0.1.1)
      hashie (>= 3.1, < 6)
      http (>= 3.0, < 6)
      httpclient (~> 2.5)
      marc (~> 1.0)
      marc-fastxmlwriter (~> 1.0)
      nokogiri (~> 1.9)
      slop (~> 4.0)
      yell
    tzinfo (2.0.6)
      concurrent-ruby (~> 1.0)
    unf (0.1.4)
      unf_ext
    unf_ext (0.0.8.2)
    websocket-driver (0.7.6)
      websocket-extensions (>= 0.1.0)
    websocket-extensions (0.1.5)
    yell (2.2.2)
    zeitwerk (2.6.11)

PLATFORMS
  ruby

DEPENDENCIES
  alba (~> 2.2, < 2.3)
  awesome_print (~> 1.9)
  azure-storage-blob (>= 2)
  bootsnap (>= 1.4.4)
  byebug
  capistrano (~> 3.17)
  capistrano-rails (~> 1.4)
  capistrano-rvm
  capistrano3-puma
  connection_pool (~> 2.4)
  curator!
  dotenv-rails (~> 2.8)
  factory_bot_rails (~> 6.2)
  faraday (~> 1.10, < 2)
  faraday_middleware (~> 1.0)
  image_processing (~> 1.12)
  listen (~> 3.3)
  mini_magick (~> 4.11)
  net-http-persistent (>= 4)
  oj (~> 3.15)
  pg (>= 0.18, < 2.0)
  pry (~> 0.13.1)
  pry-rails
  puma (~> 6.3)
  rack-cors (~> 1.1)
  rails (~> 6.1.7, < 7)
  redis (~> 4.8, < 5)
  sd_notify
  sidekiq (~> 7.1)
  solr_wrapper (~> 4)
  spring (~> 2.1)
  tzinfo-data

RUBY VERSION
   ruby 2.7.8p225

BUNDLED WITH
   2.3.26
